GEM
  remote: https://rubygems.org/
  specs:
    bcrypt (3.1.16)

PLATFORMS
  ruby

DEPENDENCIES
  bcrypt

RUBY VERSION
   ruby 2.7.2p137

BUNDLED WITH
   2.1.4
